GEM
  remote: https://rubygems.org/
  specs:
    terminal-notifier (2.0.0)

PLATFORMS
  ruby

DEPENDENCIES
  terminal-notifier

BUNDLED WITH
   2.1.0
